PATH
  remote: .
  specs:
    buncho (0.1.0)

GEM
  remote: https://rubygems.org/
  specs:
    minitest (5.25.5)
    rake (13.3.0)

PLATFORMS
  arm64-darwin-24
  ruby

DEPENDENCIES
  buncho!
  minitest (~> 5.16)
  rake (~> 13.0)

BUNDLED WITH
   2.6.2
