PATH
  remote: .
  specs:
    buncho (0.1.0)

GEM
  remote: https://rubygems.org/
  specs:
    coderay (1.1.3)
    method_source (1.1.0)
    minitest (5.25.5)
    pry (0.15.2)
      coderay (~> 1.1)
      method_source (~> 1.0)
    rake (13.3.0)

PLATFORMS
  arm64-darwin-24
  ruby

DEPENDENCIES
  buncho!
  minitest (~> 5.16)
  pry
  rake (~> 13.0)

BUNDLED WITH
   2.6.2
